GEM
  remote: http://rubygems.org/
  specs:
    addressable (2.2.8)
    backports (3.15.0)
    bacon (1.2.0)
    haml (3.1.7)
    kramdown (0.14.0)
    multi_json (1.13.1)
    rack (1.6.11)
    rack-protection (1.5.5)
      rack
    rack-test (1.1.0)
      rack (>= 1.0, < 3)
    rake (10.3.2)
    rmagick (4.0.0)
    sass (3.2.1)
    sinatra (1.4.8)
      rack (~> 1.5)
      rack-protection (~> 1.4)
      tilt (>= 1.3, < 3)
    sinatra-contrib (1.4.7)
      backports (>= 2.0)
      multi_json
      rack-protection
      rack-test
      sinatra (~> 1.4.0)
      tilt (>= 1.3, < 3)
    tilt (2.0.9)

PLATFORMS
  ruby

DEPENDENCIES
  addressable
  bacon
  haml
  kramdown
  rake
  rmagick
  sass
  sinatra (~> 1.4)
  sinatra-contrib

BUNDLED WITH
   1.17.2
