GEM
  remote: http://rubygems.org/
  specs:
    addressable (2.2.8)
    backports (2.6.4)
    bacon (1.2.0)
    eventmachine (0.12.10)
    haml (3.1.7)
    json (1.7.5)
    kramdown (0.14.0)
    rack (1.4.1)
    rack-protection (1.2.0)
      rack
    rack-test (0.6.1)
      rack (>= 1.0)
    rake (10.3.2)
    rmagick (2.13.2)
    sass (3.2.1)
    sinatra (1.3.3)
      rack (~> 1.3, >= 1.3.6)
      rack-protection (~> 1.2)
      tilt (~> 1.3, >= 1.3.3)
    sinatra-contrib (1.3.1)
      backports (>= 2.0)
      eventmachine
      rack-protection
      rack-test
      sinatra (~> 1.3.0)
      tilt (~> 1.3)
    tilt (1.3.3)

PLATFORMS
  ruby

DEPENDENCIES
  addressable
  bacon
  haml
  json
  kramdown
  rake
  rmagick
  sass
  sinatra
  sinatra-contrib
